PATH
  remote: .
  specs:
    solargraph-rails-init (0.1.1)

GEM
  remote: https://rubygems.org/
  specs:
    rake (13.0.3)

PLATFORMS
  x86_64-darwin-20

DEPENDENCIES
  rake (~> 13.0)
  solargraph-rails-init!

BUNDLED WITH
   2.2.11
